GEM
  remote: https://rubygems.org/
  specs:
    byebug (3.4.0)
      columnize (~> 0.8)
      debugger-linecache (~> 1.2)
      slop (~> 3.6)
    coderay (1.1.0)
    colorize (0.7.3)
    columnize (0.8.9)
    debugger-linecache (1.2.0)
    httpclient (2.4.0)
    json (1.8.1)
    method_source (0.8.2)
    pry (0.10.1)
      coderay (~> 1.1.0)
      method_source (~> 0.8.1)
      slop (~> 3.4)
    pry-byebug (2.0.0)
      byebug (~> 3.4)
      pry (~> 0.10)
    slop (3.6.0)

PLATFORMS
  ruby

DEPENDENCIES
  colorize
  httpclient
  json
  pry-byebug
